GEM
  remote: https://rubygems.org/
  specs:
    addressable (2.3.6)
    coderay (1.1.0)
    diff-lcs (1.2.5)
    docile (1.1.3)
    heel (3.1.3)
      coderay (~> 1.1)
      launchy (~> 2.3)
      mime-types (~> 1.25)
      puma (~> 2.0)
    launchy (2.4.2)
      addressable (~> 2.3)
    mime-types (1.25.1)
    mini_portile (0.5.3)
    multi_json (1.8.4)
    nokogiri (1.6.1)
      mini_portile (~> 0.5.0)
    puma (2.8.1)
      rack (>= 1.1, < 2.0)
    rack (1.5.2)
    rspec (2.14.1)
      rspec-core (~> 2.14.0)
      rspec-expectations (~> 2.14.0)
      rspec-mocks (~> 2.14.0)
    rspec-core (2.14.8)
    rspec-expectations (2.14.5)
      diff-lcs (>= 1.1.3, < 2.0)
    rspec-mocks (2.14.6)
    simplecov (0.8.2)
      docile (~> 1.1.0)
      multi_json
      simplecov-html (~> 0.8.0)
    simplecov-html (0.8.0)

PLATFORMS
  ruby

DEPENDENCIES
  heel
  nokogiri (~> 1.6.1)
  rspec
  simplecov
